GIT
  remote: git://github.com/freelancing-god/thinking-sphinx.git
  revision: 5fe4a03
  branch: rails3
  specs:
    thinking-sphinx (2.0.0.rc1)
      activerecord (>= 3.0.0.beta3)
      riddle (>= 1.0.10)

GIT
  remote: git://github.com/jnunemaker/mongomapper.git
  revision: f1e52bc
  specs:
    mongo_mapper (0.8.2)
      activesupport (>= 2.3.4)
      jnunemaker-validatable (~> 1.8.4)
      plucky (~> 0.3.1)

GIT
  remote: git://github.com/justinfrench/formtastic.git
  revision: 7a5120e
  branch: rails3
  specs:
    formtastic (1.0.0.rc)
      actionpack (>= 2.3.0)
      activesupport (>= 2.3.0)
      i18n (>= 0.4.0)

GIT
  remote: git://github.com/odorcicd/authlogic.git
  revision: a087ad0
  branch: rails3
  specs:
    authlogic (2.1.3)
      activesupport

GIT
  remote: git://github.com/redinger/validation_reflection.git
  revision: f0d81d3
  branch: rails-3
  specs:
    validation_reflection (1.0.0.rc.1)

GEM
  remote: http://gems.github.com/
  remote: http://gemcutter.org/
  specs:
    abstract (1.0.0)
    actionmailer (3.0.0.rc)
      actionpack (= 3.0.0.rc)
      mail (~> 2.2.5)
    actionpack (3.0.0.rc)
      activemodel (= 3.0.0.rc)
      activesupport (= 3.0.0.rc)
      builder (~> 2.1.2)
      erubis (~> 2.6.6)
      i18n (~> 0.4.1)
      rack (~> 1.2.1)
      rack-mount (~> 0.6.9)
      rack-test (~> 0.5.4)
      tzinfo (~> 0.3.22)
    activemodel (3.0.0.rc)
      activesupport (= 3.0.0.rc)
      builder (~> 2.1.2)
      i18n (~> 0.4.1)
    activerecord (3.0.0.rc)
      activemodel (= 3.0.0.rc)
      activesupport (= 3.0.0.rc)
      arel (~> 0.4.0)
      tzinfo (~> 0.3.22)
    activeresource (3.0.0.rc)
      activemodel (= 3.0.0.rc)
      activesupport (= 3.0.0.rc)
    activesupport (3.0.0.rc)
    acts-as-taggable-on (2.0.6)
    acts_as_archive (0.2.5)
      require (= 0.2.1)
    acts_as_audited (1.1.1)
      activerecord (>= 2.1)
    acts_as_commentable (3.0.0)
    acts_as_list (0.1.2)
    archive-tar-minitar (0.5.2)
    arel (0.4.0)
      activesupport (>= 3.0.0.beta)
    bson (1.0.4)
    builder (2.1.2)
    cancan (1.2.0)
    columnize (0.3.1)
    erubis (2.6.6)
      abstract (>= 1.0.0)
    faker (0.3.1)
    has_scope (0.5.0)
    i18n (0.4.1)
    inherited_resources (1.1.2)
      has_scope (~> 0.5.0)
      responders (~> 0.6.0)
    jnunemaker-validatable (1.8.4)
      activesupport (>= 2.3.4)
    json (1.4.3)
    linecache19 (0.5.11)
      ruby_core_source (>= 0.1.4)
    machinist (2.0.0.beta2)
    mail (2.2.5)
      activesupport (>= 2.3.6)
      mime-types
      treetop (>= 1.4.5)
    mime-types (1.16)
    mongo (1.0.6)
      bson (>= 1.0.4)
    nokogiri (1.4.3.1)
    paper_trail (1.5.2)
    pg (0.9.0)
    plucky (0.3.2)
      mongo (~> 1.0.1)
    polyglot (0.3.1)
    rack (1.2.1)
    rack-mount (0.6.9)
      rack (>= 1.0.0)
    rack-test (0.5.4)
      rack (>= 1.0)
    rails (3.0.0.rc)
      actionmailer (= 3.0.0.rc)
      actionpack (= 3.0.0.rc)
      activerecord (= 3.0.0.rc)
      activeresource (= 3.0.0.rc)
      activesupport (= 3.0.0.rc)
      bundler (>= 1.0.0.rc.1)
      railties (= 3.0.0.rc)
    railties (3.0.0.rc)
      actionpack (= 3.0.0.rc)
      activesupport (= 3.0.0.rc)
      rake (>= 0.8.3)
      thor (~> 0.14.0)
    rake (0.8.7)
    require (0.2.1)
    responders (0.6.2)
    riddle (1.0.12)
    ruby-debug-base19 (0.11.23)
      columnize (>= 0.3.1)
      linecache19 (>= 0.5.11)
      ruby_core_source (>= 0.1.4)
    ruby-debug19 (0.11.6)
      columnize (>= 0.3.1)
      linecache19 (>= 0.5.11)
      ruby-debug-base19 (>= 0.11.19)
    ruby_core_source (0.1.4)
      archive-tar-minitar (>= 0.5.2)
    shoulda (2.11.3)
    slim_scrooge (1.0.10)
    thor (0.14.0)
    treetop (1.4.8)
      polyglot (>= 0.3.1)
    tzinfo (0.3.22)
    webrat (0.7.1)
      nokogiri (>= 1.2.0)
      rack (>= 1.0)
      rack-test (>= 0.5.3)

PLATFORMS
  ruby

DEPENDENCIES
  acts-as-taggable-on
  acts_as_archive
  acts_as_audited (= 1.1.1)
  acts_as_commentable
  acts_as_list
  authlogic!
  cancan
  faker
  formtastic!
  inherited_resources (= 1.1.2)
  json
  machinist (>= 2.0.0.beta1)
  mongo_mapper!
  paper_trail
  pg
  rails (= 3.0.0.rc)
  ruby-debug19
  shoulda
  slim_scrooge
  thinking-sphinx!
  validation_reflection!
  webrat
